GEM
  remote: https://rubygems.org/
  specs:
    builder (3.2.4)
    childprocess (3.0.0)
    concurrent-ruby (1.1.6)
    cucumber (2.99.0)
      builder (>= 2.1.2)
      cucumber-core (~> 1.5.0)
      cucumber-wire (~> 0.0.1)
      diff-lcs (>= 1.1.3)
      gherkin (~> 4.0)
      multi_json (>= 1.7.5, < 2.0)
      multi_test (>= 0.1.2)
    cucumber-core (1.5.0)
      gherkin (~> 4.0)
    cucumber-wire (0.0.1)
    data_magic (1.2)
      faker (>= 1.1.2)
      yml_reader (>= 0.6)
    diff-lcs (1.3)
    faker (2.12.0)
      i18n (>= 1.6, < 2)
    ffi (1.13.1-x64-mingw32)
    gherkin (4.1.3)
    i18n (1.8.3)
      concurrent-ruby (~> 1.0)
    multi_json (1.14.1)
    multi_test (0.1.2)
    page-object (2.2.6)
      page_navigation (>= 0.10)
      selenium-webdriver (~> 3.0)
      watir (~> 6.8)
    page_navigation (0.10)
      data_magic (>= 0.22)
    power_assert (1.2.0)
    rake (13.0.1)
    rspec (3.9.0)
      rspec-core (~> 3.9.0)
      rspec-expectations (~> 3.9.0)
      rspec-mocks (~> 3.9.0)
    rspec-core (3.9.2)
      rspec-support (~> 3.9.3)
    rspec-expectations (3.9.2)
      diff-lcs (>= 1.2.0, < 2.0)
      rspec-support (~> 3.9.0)
    rspec-mocks (3.9.1)
      diff-lcs (>= 1.2.0, < 2.0)
      rspec-support (~> 3.9.0)
    rspec-support (3.9.3)
    rubyzip (2.3.0)
    selenium-webdriver (3.142.7)
      childprocess (>= 0.5, < 4.0)
      rubyzip (>= 1.2.2)
    test-unit (3.3.6)
      power_assert
    watir (6.9.1)
      selenium-webdriver (~> 3.4, >= 3.4.1)
    yml_reader (0.7)

PLATFORMS
  x64-mingw32

DEPENDENCIES
  cucumber (~> 2.99.0)
  data_magic
  ffi
  multi_json
  page-object
  rake
  rspec
  test-unit
  watir (~> 6.9.1)

BUNDLED WITH
   2.1.4
